GEM
  remote: https://rubygems.org/
  specs:
    addressable (2.8.0)
      public_suffix (>= 2.0.2, < 5.0)
    ansi (1.5.0)
    asciidoctor (2.0.12)
    ast (2.4.1)
    bibtex-ruby (5.1.6)
      latex-decode (~> 0.0)
    citeproc (1.0.10)
      namae (~> 1.0)
    citeproc-ruby (1.1.13)
      citeproc (~> 1.0, >= 1.0.9)
      csl (~> 1.5)
    colorator (1.1.0)
    concurrent-ruby (1.1.7)
    csl (1.5.2)
      namae (~> 1.0)
    csl-styles (1.0.1.11)
      csl (~> 1.0)
    em-websocket (0.5.2)
      eventmachine (>= 0.12.9)
      http_parser.rb (~> 0.6.0)
    eventmachine (1.2.7)
    eventmachine (1.2.7-x64-mingw32)
    faraday (1.1.0)
      multipart-post (>= 1.2, < 3)
      ruby2_keywords
    faraday-http-cache (2.2.0)
      faraday (>= 0.8)
    ffi (1.13.1)
    ffi (1.13.1-x64-mingw32)
    forwardable-extended (2.6.0)
    htmlentities (4.3.4)
    http_parser.rb (0.6.0)
    i18n (1.8.5)
      concurrent-ruby (~> 1.0)
    iso639 (1.3.2)
    jekyll (4.0.1)
      addressable (~> 2.4)
      colorator (~> 1.0)
      em-websocket (~> 0.5)
      i18n (>= 0.9.5, < 2)
      jekyll-sass-converter (~> 2.0)
      jekyll-watch (~> 2.0)
      kramdown (~> 2.1)
      kramdown-parser-gfm (~> 1.0)
      liquid (~> 4.0)
      mercenary (~> 0.3.3)
      pathutil (~> 0.9)
      rouge (~> 3.0)
      safe_yaml (~> 1.0)
      terminal-table (~> 1.8)
    jekyll-archives (2.2.1)
      jekyll (>= 3.6, < 5.0)
    jekyll-asciidoc (3.0.0)
      asciidoctor (>= 1.5.0)
      jekyll (>= 3.0.0)
    jekyll-feed (0.15.1)
      jekyll (>= 3.7, < 5.0)
    jekyll-paginate-v2 (3.0.0)
      jekyll (>= 3.0, < 5.0)
    jekyll-sass-converter (2.1.0)
      sassc (> 2.0.1, < 3.0)
    jekyll-scholar (6.8.1)
      bibtex-ruby (~> 5.0)
      citeproc-ruby (~> 1.0)
      csl-styles (~> 1.0)
      jekyll (~> 4.0)
    jekyll-seo-tag (2.7.1)
      jekyll (>= 3.8, < 5.0)
    jekyll-sitemap (1.4.0)
      jekyll (>= 3.7, < 5.0)
    jekyll-watch (2.2.1)
      listen (~> 3.0)
    kramdown (2.3.1)
      rexml
    kramdown-parser-gfm (1.1.0)
      kramdown (~> 2.0)
    latex-decode (0.3.2)
    liquid (4.0.3)
    listen (3.3.3)
      rb-fsevent (~> 0.10, >= 0.10.3)
      rb-inotify (~> 0.9, >= 0.9.10)
    mercenary (0.3.6)
    mini_portile2 (2.5.0)
    minima (2.5.1)
      jekyll (>= 3.5, < 5.0)
      jekyll-feed (~> 0.9)
      jekyll-seo-tag (~> 2.1)
    multipart-post (2.1.1)
    namae (1.1.1)
    nokogiri (1.11.0)
      mini_portile2 (~> 2.5.0)
      racc (~> 1.4)
    nokogiri (1.11.0-x64-mingw32)
      racc (~> 1.4)
    octokit (4.19.0)
      faraday (>= 0.9)
      sawyer (~> 0.8.0, >= 0.5.3)
    oga (2.15)
      ast
      ruby-ll (~> 2.1)
    ogp (0.4.0)
      oga (~> 2.15)
    pathutil (0.16.2)
      forwardable-extended (~> 2.6)
    public_suffix (4.0.6)
    racc (1.5.2)
    rb-fsevent (0.10.4)
    rb-inotify (0.10.1)
      ffi (~> 1.0)
    rexml (3.2.5)
    rouge (3.25.0)
    ruby-ll (2.1.2)
      ansi
      ast
    ruby2_keywords (0.0.2)
    safe_yaml (1.0.5)
    sassc (2.4.0)
      ffi (~> 1.9)
    sassc (2.4.0-x64-mingw32)
      ffi (~> 1.9)
    sawyer (0.8.2)
      addressable (>= 2.3.5)
      faraday (> 0.8, < 2.0)
    terminal-table (1.8.0)
      unicode-display_width (~> 1.1, >= 1.1.1)
    tzinfo (2.0.3)
      concurrent-ruby (~> 1.0)
    tzinfo-data (1.2020.4)
      tzinfo (>= 1.0.0)
    unicode-display_width (1.7.0)

PLATFORMS
  ruby
  x64-mingw32

DEPENDENCIES
  bibtex-ruby (~> 5.1)
  faraday-http-cache (~> 2.2)
  htmlentities (~> 4.3)
  i18n (~> 1.8)
  iso639 (~> 1.3)
  jekyll (~> 4.0.0)
  jekyll-archives
  jekyll-asciidoc
  jekyll-feed
  jekyll-paginate-v2
  jekyll-scholar
  jekyll-seo-tag
  jekyll-sitemap
  minima (~> 2.0)
  nokogiri (~> 1.11)
  octokit (~> 4.18)
  ogp (~> 0.4.0)
  tzinfo-data

BUNDLED WITH
   2.1.4
